GIT
  remote: git://github.com/capistrano/capistrano.git
  revision: ff187476ff2a78afff8c4f188b606e5cd0f1affe
  branch: master
  specs:
    capistrano (3.1.0)
      i18n
      rake (>= 10.0.0)
      sshkit (~> 1.3)

GEM
  remote: https://rubygems.org/
  specs:
    capistrano-composer (0.0.4)
      capistrano (>= 3.0.0.pre)
    capistrano-symfony (0.1.3)
      capistrano (~> 3.1)
      capistrano-composer (~> 0.0.3)
    i18n (0.6.9)
    net-scp (1.1.2)
      net-ssh (>= 2.6.5)
    net-ssh (2.8.0)
    rake (10.1.1)
    sshkit (1.3.0)
      net-scp (>= 1.1.2)
      net-ssh
      term-ansicolor
    term-ansicolor (1.3.0)
      tins (~> 1.0)
    tins (1.0.0)

PLATFORMS
  ruby

DEPENDENCIES
  capistrano!
  capistrano-composer
  capistrano-symfony
